PATH
  remote: .
  specs:
    latinirb (1.0.2)
      latinverb (~> 1.0)
      latinverb_chart_presenter (~> 1.0)
      linguistics_latin (~> 1.0)
      macronconversions (~> 1.0)

GEM
  remote: http://rubygems.org/
  specs:
    byebug (3.1.2)
      columnize (~> 0.8)
      debugger-linecache (~> 1.2)
    columnize (0.8.9)
    debugger-linecache (1.2.0)
    latinverb (1.0.2)
      latinverb_classifier (~> 1.0)
      latinverb_deponent_string_deriver (~> 1.0)
      latinverb_imperative_block (~> 1.0)
      latinverb_imperatives (~> 1.0)
      latinverb_infinitives (~> 1.0)
      latinverb_irregular_imperatives_retriever (~> 1.0)
      latinverb_irregular_infinitives_retriever (~> 1.0)
      latinverb_irregular_participles_retriever (~> 1.0)
      latinverb_irregular_verb_definition_consumer (~> 1.0)
      latinverb_participles (~> 1.0)
      latinverb_principal_parts_extractor (~> 1.0)
      latinverb_querent_for_classification_builder (~> 1.0)
      latinverb_serialization (~> 1.0)
      latinverb_stem_deriver (~> 1.0)
      latinverb_type_evaluator (~> 1.0)
      linguistics_latin (~> 1.0.1)
      linguistics_latin_tense_block (~> 1.0)
      macronconversions (~> 1.0)
      multi_json (~> 1.8)
      rake
    latinverb_chart_presenter (1.0.0)
    latinverb_classifier (1.0.1)
      linguistics_latin (~> 1.0)
    latinverb_deponent_string_deriver (1.0.0)
    latinverb_imperative_block (1.0.1)
      linguistics_latin (~> 1.0)
    latinverb_imperatives (1.0.0)
      latinverb_irregular_infinitives_retriever
    latinverb_infinitives (1.0.0)
    latinverb_irregular_imperatives_retriever (1.0.0)
    latinverb_irregular_infinitives_retriever (1.0.0)
      latinverb_irregular_verb_definition_consumer
      linguistics_latin
    latinverb_irregular_participles_retriever (1.0.0)
    latinverb_irregular_verb_definition_consumer (1.0.0)
      linguistics_latin
    latinverb_participles (1.0.0)
    latinverb_principal_parts_extractor (1.0.0)
    latinverb_querent_for_classification_builder (1.0.1)
      latinverb_irregular_infinitives_retriever (~> 1.0)
      linguistics_latin (~> 1.0)
      linguistics_latin_tense_block (~> 1.0)
    latinverb_serialization (1.0.0)
    latinverb_stem_deriver (1.0.0)
      latinverb_deponent_string_deriver
    latinverb_type_evaluator (1.0.1)
      latinverb_deponent_string_deriver (~> 1.0)
      linguistics_latin (~> 1.0)
    linguistics_latin (1.0.1)
    linguistics_latin_tense_block (1.0.0)
      linguistics_latin
    macronconversions (1.0.0)
      multi_json (~> 1.8)
      rake
    multi_json (1.10.1)
    rake (13.0.1)

PLATFORMS
  ruby

DEPENDENCIES
  byebug
  latinirb!
